GEM
  remote: https://rubygems.org/
  specs:
    addressable (2.4.0)
    backports (3.6.8)
    bcrypt (3.1.11)
    bcrypt-ruby (3.1.5)
      bcrypt (>= 3.1.3)
    bundler-unload (1.0.2)
    coderay (1.1.1)
    colored (1.2)
    concurrent-ruby (1.0.2)
    data_mapper (1.2.0)
      dm-aggregates (~> 1.2.0)
      dm-constraints (~> 1.2.0)
      dm-core (~> 1.2.0)
      dm-migrations (~> 1.2.0)
      dm-serializer (~> 1.2.0)
      dm-timestamps (~> 1.2.0)
      dm-transactions (~> 1.2.0)
      dm-types (~> 1.2.0)
      dm-validations (~> 1.2.0)
    data_objects (0.10.17)
      addressable (~> 2.1)
    debase (0.2.2.beta8)
      debase-ruby_core_source
    debase-ruby_core_source (0.9.2)
    diff-lcs (1.2.5)
    dm-aggregates (1.2.0)
      dm-core (~> 1.2.0)
    dm-constraints (1.2.0)
      dm-core (~> 1.2.0)
    dm-core (1.2.1)
      addressable (~> 2.3)
    dm-do-adapter (1.2.0)
      data_objects (~> 0.10.6)
      dm-core (~> 1.2.0)
    dm-migrations (1.2.0)
      dm-core (~> 1.2.0)
    dm-serializer (1.2.2)
      dm-core (~> 1.2.0)
      fastercsv (~> 1.5)
      json (~> 1.6)
      json_pure (~> 1.6)
      multi_json (~> 1.0)
    dm-timestamps (1.2.0)
      dm-core (~> 1.2.0)
    dm-transactions (1.2.0)
      dm-core (~> 1.2.0)
    dm-types (1.2.2)
      bcrypt-ruby (~> 3.0)
      dm-core (~> 1.2.0)
      fastercsv (~> 1.5)
      json (~> 1.6)
      multi_json (~> 1.0)
      stringex (~> 1.4)
      uuidtools (~> 2.1)
    dm-validations (1.2.0)
      dm-core (~> 1.2.0)
    executable-hooks (1.3.2)
    fastercsv (1.5.5)
    gemrat (0.4.6)
      colored (= 1.2)
    haml (4.0.7)
      tilt
    io-console (0.4.5)
    json (1.8.3)
    json_pure (1.8.3)
    method_source (0.8.2)
    multi_json (1.12.1)
    pry (0.10.4)
      coderay (~> 1.1.0)
      method_source (~> 0.8.1)
      slop (~> 3.4)
    psych (2.0.17)
    rack (1.6.4)
    rack-protection (1.5.3)
      rack
    rack-test (0.6.3)
      rack (>= 1.0)
    rake (11.3.0)
    rdoc (4.2.1)
    rspec (3.5.0)
      rspec-core (~> 3.5.0)
      rspec-expectations (~> 3.5.0)
      rspec-mocks (~> 3.5.0)
    rspec-core (3.5.4)
      rspec-support (~> 3.5.0)
    rspec-expectations (3.5.0)
      diff-lcs (>= 1.2.0, < 2.0)
      rspec-support (~> 3.5.0)
    rspec-mocks (3.5.0)
      diff-lcs (>= 1.2.0, < 2.0)
      rspec-support (~> 3.5.0)
    rspec-support (3.5.0)
    ruby-debug-ide (0.6.1.beta2)
      rake (>= 0.8.1)
    rubygems-bundler (1.4.4)
      bundler-unload (>= 1.0.2)
      executable-hooks (>= 1.3.2)
    rufus-scheduler (3.2.2)
    sinatra (1.4.7)
      rack (~> 1.5)
      rack-protection (~> 1.4)
      tilt (>= 1.3, < 3)
    sinatra-contrib (1.4.7)
      backports (>= 2.0)
      multi_json
      rack-protection
      rack-test
      sinatra (~> 1.4.0)
      tilt (>= 1.3, < 3)
    slop (3.6.0)
    stringex (1.5.1)
    sucker_punch (2.0.2)
      concurrent-ruby (~> 1.0.0)
    tilt (2.0.5)
    uuidtools (2.1.5)

PLATFORMS
  ruby

DEPENDENCIES
  addressable (= 2.4.0)
  backports (= 3.6.8)
  bcrypt (= 3.1.11)
  bcrypt-ruby (= 3.1.5)
  bundler (= 1.13.6)
  coderay (= 1.1.1)
  colored (= 1.2)
  concurrent-ruby (= 1.0.2)
  data_mapper (= 1.2.0)
  data_objects (= 0.10.17)
  debase (= 0.2.2.beta8)
  debase-ruby_core_source (= 0.9.2)
  diff-lcs (= 1.2.5)
  dm-aggregates (= 1.2.0)
  dm-constraints (= 1.2.0)
  dm-core (= 1.2.1)
  dm-do-adapter (= 1.2.0)
  dm-migrations (= 1.2.0)
  dm-serializer (= 1.2.2)
  dm-timestamps (= 1.2.0)
  dm-transactions (= 1.2.0)
  dm-types (= 1.2.2)
  dm-validations (= 1.2.0)
  fastercsv (= 1.5.5)
  gemrat (= 0.4.6)
  haml (= 4.0.7)
  io-console (= 0.4.5)
  json (= 1.8.3)
  json_pure (= 1.8.3)
  method_source (= 0.8.2)
  multi_json (= 1.12.1)
  pry (= 0.10.4)
  psych (= 2.0.17)
  rack (= 1.6.4)
  rack-protection (= 1.5.3)
  rack-test (= 0.6.3)
  rdoc (= 4.2.1)
  rspec
  rspec-core (= 3.5.4)
  rspec-expectations (= 3.5.0)
  rspec-mocks (= 3.5.0)
  rspec-support (= 3.5.0)
  ruby-debug-ide (= 0.6.1.beta2)
  rubygems-bundler (= 1.4.4)
  rufus-scheduler (= 3.2.2)
  sinatra (= 1.4.7)
  sinatra-contrib (= 1.4.7)
  slop (= 3.6.0)
  stringex (= 1.5.1)
  sucker_punch (= 2.0.2)
  tilt (= 2.0.5)
  uuidtools (= 2.1.5)

BUNDLED WITH
   1.13.6
